GEM
  specs:

GEM
  remote: https://rubygems.org/
  specs:
    addressable (2.8.1)
      public_suffix (>= 2.0.2, < 6.0)
    git (1.12.0)
      addressable (~> 2.8)
      rchardet (~> 1.8)
    gitlab (4.19.0)
      httparty (~> 0.20)
      terminal-table (>= 1.5.1)
    httparty (0.20.0)
      mime-types (~> 3.0)
      multi_xml (>= 0.5.2)
    mime-types (3.4.1)
      mime-types-data (~> 3.2015)
    mime-types-data (3.2022.0105)
    multi_xml (0.6.0)
    net-ssh (7.0.1)
    public_suffix (5.0.0)
    rchardet (1.8.0)
    terminal-table (3.0.2)
      unicode-display_width (>= 1.1.1, < 3)
    unicode-display_width (2.3.0)

PLATFORMS
  ruby

DEPENDENCIES
  git (~> 1.12)!
  gitlab (~> 4.19)!
  net-ssh (~> 7.0)!

BUNDLED WITH
   2.3.26
