GEM
  remote: https://rubygems.org/
  specs:
    git (1.2.9.1)
    gitlab (4.5.0)
      httparty (>= 0.14.0)
      terminal-table (>= 1.5.1)
    httparty (0.16.3)
      mime-types (~> 3.0)
      multi_xml (>= 0.5.2)
    mime-types (3.2.2)
      mime-types-data (~> 3.2015)
    mime-types-data (3.2018.0812)
    multi_xml (0.6.0)
    net-ssh (3.2.0)
    terminal-table (1.8.0)
      unicode-display_width (~> 1.1, >= 1.1.1)
    unicode-display_width (1.4.1)

PLATFORMS
  ruby

DEPENDENCIES
  git (~> 1.2.9)!
  gitlab (~> 4.5.0)!
  net-ssh (~> 3.2)!

BUNDLED WITH
   1.12.5
